GEM
  remote: https://rubygems.org/
  specs:
    activesupport (4.1.6)
      i18n (~> 0.6, >= 0.6.9)
      json (~> 1.7, >= 1.7.7)
      minitest (~> 5.1)
      thread_safe (~> 0.1)
      tzinfo (~> 1.1)
    amatch (0.3.0)
      tins (~> 1.0)
    beeminder (0.2.10)
      activesupport (>= 3.2, < 5)
      chronic (~> 0.7)
      highline (~> 1.6)
      json
      trollop (~> 2)
      tzinfo
    chronic (0.10.2)
    highline (1.6.21)
    i18n (0.6.11)
    json (1.8.1)
    minitest (5.4.2)
    otask (0.2.2)
      amatch (~> 0.3, >= 0.3.0)
      chronic (~> 0.10, >= 0.10.2)
      rb-appscript (~> 0.6, >= 0.6.1)
    rb-appscript (0.6.1)
    thread_safe (0.3.4)
    tins (1.3.3)
    trollop (2.0)
    tzinfo (1.2.2)
      thread_safe (~> 0.1)

PLATFORMS
  ruby

DEPENDENCIES
  beeminder
  otask
